PATH
  remote: .
  specs:
    snack (0.2.2)
      coffee-script
      rack
      tilt

GEM
  remote: https://rubygems.org/
  specs:
    coffee-script (2.2.0)
      coffee-script-source
      execjs
    coffee-script-source (1.7.0)
    coveralls (0.6.9)
      multi_json (~> 1.3)
      rest-client
      simplecov (>= 0.7)
      term-ansicolor
      thor
    execjs (2.0.2)
    haml (4.0.3)
      tilt
    mime-types (1.25)
    minitest (5.0.7)
    multi_json (1.8.0)
    rack (1.5.2)
    rack-test (0.6.2)
      rack (>= 1.0)
    rake (10.1.0)
    rest-client (1.6.7)
      mime-types (>= 1.16)
    sass (3.2.10)
    simplecov (0.7.1)
      multi_json (~> 1.0)
      simplecov-html (~> 0.7.1)
    simplecov-html (0.7.1)
    term-ansicolor (1.2.2)
      tins (~> 0.8)
    thor (0.18.1)
    tilt (2.0.1)
    tins (0.9.0)

PLATFORMS
  ruby

DEPENDENCIES
  coveralls
  haml (>= 2.2.11)
  minitest (~> 5)
  rack-test
  rake
  sass
  snack!
