PATH
  remote: .
  specs:
    snack (0.3.0)
      coffee-script (~> 2)
      rack (~> 3)
      sassc (~> 2)
      tilt (~> 2)

GEM
  remote: https://rubygems.org/
  specs:
    coffee-script (2.4.1)
      coffee-script-source
      execjs
    coffee-script-source (1.12.2)
    execjs (2.9.1)
    ffi (1.16.3)
    minitest (5.22.3)
    rack (3.0.10)
    rack-test (2.1.0)
      rack (>= 1.3)
    rake (13.2.1)
    sassc (2.4.0)
      ffi (~> 1.9)
    tilt (2.3.0)

PLATFORMS
  ruby

DEPENDENCIES
  minitest (~> 5)
  rack-test (~> 2)
  rake (~> 13)
  snack!

BUNDLED WITH
   2.5.9
