PATH
  remote: .
  specs:
    snack (0.2.2)
      coffee-script
      rack
      tilt

GEM
  remote: https://rubygems.org/
  specs:
    coffee-script (2.2.0)
      coffee-script-source
      execjs
    coffee-script-source (1.6.3)
    execjs (2.0.1)
    haml (4.0.3)
      tilt
    minitest (5.0.7)
    rack (1.5.2)
    rack-test (0.6.2)
      rack (>= 1.0)
    rake (10.1.0)
    sass (3.2.10)
    tilt (1.4.1)

PLATFORMS
  ruby

DEPENDENCIES
  haml (>= 2.2.11)
  minitest (~> 5)
  rack-test
  rake
  sass
  snack!
